GEM
  remote: https://rubygems.org/
  specs:
    pg (1.4.3)

PLATFORMS
  ruby

DEPENDENCIES
  pg

RUBY VERSION
   ruby 2.7.2p137

BUNDLED WITH
   2.1.4
